STORAGE: NONE
RESTRICTION: == net7.0
NUGET
  remote: https://api.nuget.org/v3/index.json
    Avalonia (11.0.0-preview6)
      Avalonia.Remote.Protocol (>= 11.0.0-preview6)
      MicroCom.Runtime (>= 0.11)
      System.ComponentModel.Annotations (>= 4.5)
    Avalonia.Angle.Windows.Natives (2.1.0.2023020321)
    Avalonia.Controls.ColorPicker (11.0.0-preview6)
      Avalonia (>= 11.0.0-preview6)
      Avalonia.Remote.Protocol (>= 11.0.0-preview6)
    Avalonia.Controls.DataGrid (11.0.0-preview6)
      Avalonia (>= 11.0.0-preview6)
      Avalonia.Remote.Protocol (>= 11.0.0-preview6)
    Avalonia.Desktop (11.0.0-preview6)
      Avalonia (>= 11.0.0-preview6)
      Avalonia.Native (>= 11.0.0-preview6)
      Avalonia.Skia (>= 11.0.0-preview6)
      Avalonia.Win32 (>= 11.0.0-preview6)
      Avalonia.X11 (>= 11.0.0-preview6)
    Avalonia.Diagnostics (11.0.0-preview6)
      Avalonia (>= 11.0.0-preview6)
      Avalonia.Controls.ColorPicker (>= 11.0.0-preview6)
      Avalonia.Controls.DataGrid (>= 11.0.0-preview6)
      Avalonia.Themes.Simple (>= 11.0.0-preview6)
      Microsoft.CodeAnalysis.Common (>= 3.8)
      Microsoft.CodeAnalysis.CSharp.Scripting (>= 3.8)
    Avalonia.FreeDesktop (11.0.0-preview6)
      Avalonia (>= 11.0.0-preview6)
      Tmds.DBus.Protocol (>= 0.14)
      Tmds.DBus.SourceGenerator (>= 0.0.4)
    Avalonia.FuncUI (0.6.0-preview9.1)
      Avalonia (>= 11.0.0-preview6)
      FSharp.Core (>= 7.0.200)
    Avalonia.FuncUI.Elmish (0.6.0-preview9.1)
      Avalonia.FuncUI (>= 0.6.0-preview9.1)
      Elmish (>= 4.0)
      FSharp.Core (>= 7.0.200)
    Avalonia.Native (11.0.0-preview6)
      Avalonia (>= 11.0.0-preview6)
    Avalonia.Remote.Protocol (11.0.0-preview6)
    Avalonia.Skia (11.0.0-preview6)
      Avalonia (>= 11.0.0-preview6)
      HarfBuzzSharp (>= 2.8.2.3)
      HarfBuzzSharp.NativeAssets.Linux (>= 2.8.2.3)
      HarfBuzzSharp.NativeAssets.WebAssembly (>= 2.8.2.3)
      SkiaSharp (>= 2.88.3)
      SkiaSharp.NativeAssets.Linux (>= 2.88.3)
      SkiaSharp.NativeAssets.WebAssembly (>= 2.88.3)
    Avalonia.Themes.Fluent (11.0.0-preview6)
      Avalonia (>= 11.0.0-preview6)
    Avalonia.Themes.Simple (11.0.0-preview6)
      Avalonia (>= 11.0.0-preview6)
    Avalonia.Win32 (11.0.0-preview6)
      Avalonia (>= 11.0.0-preview6)
      Avalonia.Angle.Windows.Natives (>= 2.1.0.2023020321)
      System.Drawing.Common (>= 6.0)
      System.Numerics.Vectors (>= 4.5)
    Avalonia.X11 (11.0.0-preview6)
      Avalonia (>= 11.0.0-preview6)
      Avalonia.FreeDesktop (>= 11.0.0-preview6)
      Avalonia.Skia (>= 11.0.0-preview6)
    BenchmarkDotNet (0.13.5)
      BenchmarkDotNet.Annotations (>= 0.13.5)
      CommandLineParser (>= 2.4.3)
      Gee.External.Capstone (>= 2.3)
      Iced (>= 1.17)
      Microsoft.CodeAnalysis.CSharp (>= 3.0)
      Microsoft.Diagnostics.Runtime (>= 2.2.332302)
      Microsoft.Diagnostics.Tracing.TraceEvent (>= 3.0.2)
      Microsoft.DotNet.PlatformAbstractions (>= 3.1.6)
      Perfolizer (>= 0.2.1)
      System.Management (>= 6.0)
    BenchmarkDotNet.Annotations (0.13.5)
    CommandLineParser (2.9.1)
    Dynamitey (2.0.10.189)
      Microsoft.CSharp (>= 4.6)
      System.ComponentModel (>= 4.3)
    Elmish (4.0.1)
    Elmish.WPF (4.0.0-beta-50)
      Elmish (>= 4.0.1 <= 4.99)
      FSharp.Core (>= 6.0.5 <= 99.0)
      Microsoft.Extensions.Logging.Abstractions (>= 6.0.1 <= 99.0)
    Expecto (9.0.4)
      FSharp.Core (>= 4.6)
      Mono.Cecil (>= 0.11.3)
    Expecto.BenchmarkDotNet (9.0.4)
      BenchmarkDotNet (>= 0.12.1)
      FSharp.Core (>= 4.6)
    Expecto.FsCheck (9.0.4)
      Expecto (>= 9.0.4)
      FsCheck (>= 2.14.3)
    Expecto.Hopac (9.0.4)
      Expecto (>= 9.0.4)
      Hopac (>= 0.4.1)
    FsCheck (2.16.5)
      FSharp.Core (>= 4.2.3)
    FSharp.Configuration (2.0)
      FSharp.Core (>= 4.7)
    FSharp.Control.AsyncSeq (3.2.1)
      FSharp.Core (>= 4.7.2)
      Microsoft.Bcl.AsyncInterfaces (>= 5.0)
    FSharp.Control.Reactive (5.0.5)
      FSharp.Core (>= 4.7.2)
      System.Reactive (>= 5.0 < 6.0)
    FSharp.Core (7.0.300)
    FSharp.Interop.Dynamic (5.0.1.268)
      Dynamitey (>= 2.0.10.189)
      FSharp.Core (>= 4.2.3)
      Microsoft.CSharp (>= 4.6)
    FSharpPlus (1.4.1)
      FSharp.Core (>= 6.0.6)
    FsToolkit.ErrorHandling (4.6)
      FSharp.Core (>= 7.0)
    FsToolkit.ErrorHandling.TaskResult (4.6)
      FsToolkit.ErrorHandling (>= 4.6)
    Gee.External.Capstone (2.3)
    HarfBuzzSharp (2.8.2.3)
      HarfBuzzSharp.NativeAssets.macOS (>= 2.8.2.3)
      HarfBuzzSharp.NativeAssets.Win32 (>= 2.8.2.3)
    HarfBuzzSharp.NativeAssets.Linux (2.8.2.3)
      HarfBuzzSharp (>= 2.8.2.3)
    HarfBuzzSharp.NativeAssets.macOS (2.8.2.3)
    HarfBuzzSharp.NativeAssets.WebAssembly (2.8.2.3)
    HarfBuzzSharp.NativeAssets.Win32 (2.8.2.3)
    Hopac (0.5.1)
      FSharp.Core (>= 4.5.2)
    Iced (1.18)
    LibVLCSharp (3.7)
    MicroCom.Runtime (0.11)
    Microsoft.Bcl.AsyncInterfaces (7.0)
    Microsoft.CodeAnalysis.Analyzers (3.3.4)
    Microsoft.CodeAnalysis.Common (4.6)
      Microsoft.CodeAnalysis.Analyzers (>= 3.3.4)
      System.Collections.Immutable (>= 7.0)
      System.Reflection.Metadata (>= 7.0)
      System.Runtime.CompilerServices.Unsafe (>= 6.0)
      System.Text.Encoding.CodePages (>= 7.0)
    Microsoft.CodeAnalysis.CSharp (4.6)
      Microsoft.CodeAnalysis.Common (4.6)
    Microsoft.CodeAnalysis.CSharp.Scripting (4.6)
      Microsoft.CodeAnalysis.Common (4.6)
      Microsoft.CodeAnalysis.CSharp (4.6)
      Microsoft.CodeAnalysis.Scripting.Common (4.6)
      Microsoft.CSharp (>= 4.7)
    Microsoft.CodeAnalysis.Scripting.Common (4.6)
      Microsoft.CodeAnalysis.Common (4.6)
    Microsoft.CodeCoverage (17.6)
    Microsoft.CSharp (4.7)
    Microsoft.Diagnostics.NETCore.Client (0.2.421201)
      Microsoft.Extensions.Logging (>= 2.1.1)
    Microsoft.Diagnostics.Runtime (2.4.416101)
      Microsoft.Diagnostics.NETCore.Client (>= 0.2.251802)
      System.Collections.Immutable (>= 5.0)
      System.Runtime.CompilerServices.Unsafe (>= 5.0)
    Microsoft.Diagnostics.Tracing.TraceEvent (3.1.3)
      System.Runtime.CompilerServices.Unsafe (>= 5.0)
    Microsoft.DotNet.PlatformAbstractions (3.1.6)
    Microsoft.Extensions.DependencyInjection (7.0)
      Microsoft.Extensions.DependencyInjection.Abstractions (>= 7.0)
    Microsoft.Extensions.DependencyInjection.Abstractions (7.0)
    Microsoft.Extensions.Logging (7.0)
      Microsoft.Extensions.DependencyInjection (>= 7.0)
      Microsoft.Extensions.DependencyInjection.Abstractions (>= 7.0)
      Microsoft.Extensions.Logging.Abstractions (>= 7.0)
      Microsoft.Extensions.Options (>= 7.0)
    Microsoft.Extensions.Logging.Abstractions (7.0)
    Microsoft.Extensions.Options (7.0.1)
      Microsoft.Extensions.DependencyInjection.Abstractions (>= 7.0)
      Microsoft.Extensions.Primitives (>= 7.0)
    Microsoft.Extensions.Primitives (7.0)
    Microsoft.NET.Test.Sdk (17.6)
      Microsoft.CodeCoverage (>= 17.6)
      Microsoft.TestPlatform.TestHost (>= 17.6)
    Microsoft.NETCore.Platforms (7.0.2)
    Microsoft.NETCore.Targets (5.0)
    Microsoft.TestPlatform.ObjectModel (17.6)
      NuGet.Frameworks (>= 5.11)
      System.Reflection.Metadata (>= 1.6)
    Microsoft.TestPlatform.TestHost (17.6)
      Microsoft.TestPlatform.ObjectModel (>= 17.6)
      Newtonsoft.Json (>= 13.0.1)
    Microsoft.Win32.SystemEvents (7.0)
    Microsoft.Xaml.Behaviors.Wpf (1.1.39)
    Mono.Cecil (0.11.5)
    Newtonsoft.Json (13.0.3)
    NuGet.Frameworks (6.6)
    Perfolizer (0.3.4)
    ProcessX (1.5.5)
      System.Threading.Channels (>= 4.7)
    Serilog (2.12)
    Serilog.Extensions.Logging (7.0)
      Microsoft.Extensions.Logging (>= 7.0)
      Serilog (>= 2.12)
    Serilog.Sinks.Console (4.1)
      Serilog (>= 2.10)
    SkiaSharp (2.88.3)
      SkiaSharp.NativeAssets.macOS (>= 2.88.3)
      SkiaSharp.NativeAssets.Win32 (>= 2.88.3)
    SkiaSharp.NativeAssets.Linux (2.88.3)
      SkiaSharp (>= 2.88.3)
    SkiaSharp.NativeAssets.macOS (2.88.3)
    SkiaSharp.NativeAssets.WebAssembly (2.88.3)
    SkiaSharp.NativeAssets.Win32 (2.88.3)
    System.CodeDom (7.0)
    System.Collections.Immutable (7.0)
    System.ComponentModel (4.3)
      System.Runtime (>= 4.3)
    System.ComponentModel.Annotations (4.5)
    System.Drawing.Common (7.0)
      Microsoft.Win32.SystemEvents (>= 7.0)
    System.IO.Pipelines (7.0)
    System.Management (7.0.1)
      System.CodeDom (>= 7.0)
    System.Numerics.Vectors (4.5)
    System.Reactive (5.0)
    System.Reflection.Metadata (7.0.1)
      System.Collections.Immutable (>= 7.0)
    System.Runtime (4.3.1)
      Microsoft.NETCore.Platforms (>= 1.1.1)
      Microsoft.NETCore.Targets (>= 1.1.3)
    System.Runtime.CompilerServices.Unsafe (6.0)
    System.Text.Encoding.CodePages (7.0)
    System.Threading.Channels (7.0)
    Tmds.DBus.Protocol (0.15)
      System.IO.Pipelines (>= 6.0)
    Tmds.DBus.SourceGenerator (0.0.8)
    VideoLAN.LibVLC.Windows (3.0.18)
    YoloDev.Expecto.TestSdk (0.13.3)
      Expecto (>= 9.0 < 10.0)
      FSharp.Core (>= 4.6.2)
      System.Collections.Immutable (>= 6.0)
