STORAGE: PACKAGES
RESTRICTION: || (== net6.0) (== net6.0-windows10.0.19041.0)
NUGET
  remote: https://api.nuget.org/v3/index.json
    Avalonia (0.10.13)
      Avalonia.Remote.Protocol (>= 0.10.13)
      JetBrains.Annotations (>= 10.3)
      System.ComponentModel.Annotations (>= 4.5)
      System.Memory (>= 4.5.3)
      System.Reactive (>= 5.0)
      System.Runtime.CompilerServices.Unsafe (>= 4.6)
      System.ValueTuple (>= 4.5)
    Avalonia.Angle.Windows.Natives (2.1.0.2020091801)
    Avalonia.Controls.DataGrid (0.10.13)
      Avalonia (>= 0.10.13)
      Avalonia.Remote.Protocol (>= 0.10.13)
      JetBrains.Annotations (>= 10.3)
      System.Reactive (>= 5.0)
    Avalonia.Desktop (0.10.13)
      Avalonia (>= 0.10.13)
      Avalonia.Native (>= 0.10.13)
      Avalonia.Skia (>= 0.10.13)
      Avalonia.Win32 (>= 0.10.13)
      Avalonia.X11 (>= 0.10.13)
    Avalonia.Diagnostics (0.10.13)
      Avalonia (>= 0.10.13)
      Avalonia.Controls.DataGrid (>= 0.10.13)
      Microsoft.CodeAnalysis.CSharp.Scripting (>= 3.4)
      System.Reactive (>= 5.0)
    Avalonia.FreeDesktop (0.10.13)
      Avalonia (>= 0.10.13)
      Tmds.DBus (>= 0.9)
    Avalonia.Native (0.10.13)
      Avalonia (>= 0.10.13)
    Avalonia.Remote.Protocol (0.10.13)
    Avalonia.Skia (0.10.13)
      Avalonia (>= 0.10.13)
      HarfBuzzSharp (>= 2.8.2-preview.178)
      HarfBuzzSharp.NativeAssets.Linux (>= 2.8.2-preview.178)
      HarfBuzzSharp.NativeAssets.WebAssembly (>= 2.8.2-preview.178)
      SkiaSharp (>= 2.88.0-preview.178)
      SkiaSharp.NativeAssets.Linux (>= 2.88.0-preview.178)
      SkiaSharp.NativeAssets.WebAssembly (>= 2.88.0-preview.178)
    Avalonia.Win32 (0.10.13)
      Avalonia (>= 0.10.13)
      Avalonia.Angle.Windows.Natives (>= 2.1.0.2020091801)
      System.Drawing.Common (>= 4.5)
      System.Numerics.Vectors (>= 4.5)
    Avalonia.X11 (0.10.13)
      Avalonia (>= 0.10.13)
      Avalonia.FreeDesktop (>= 0.10.13)
      Avalonia.Skia (>= 0.10.13)
    BenchmarkDotNet (0.13.1)
      BenchmarkDotNet.Annotations (>= 0.13.1)
      CommandLineParser (>= 2.4.3)
      Iced (>= 1.8)
      Microsoft.CodeAnalysis.CSharp (>= 2.10)
      Microsoft.Diagnostics.NETCore.Client (>= 0.2.61701)
      Microsoft.Diagnostics.Runtime (>= 1.1.126102)
      Microsoft.Diagnostics.Tracing.TraceEvent (>= 2.0.61)
      Microsoft.DotNet.PlatformAbstractions (>= 2.1)
      Microsoft.Win32.Registry (>= 4.5)
      Perfolizer (>= 0.2.1)
      System.Management (>= 4.5)
      System.Reflection.Emit (>= 4.3)
      System.Reflection.Emit.Lightweight (>= 4.3)
      System.Threading.Tasks.Extensions (>= 4.5.2)
      System.ValueTuple (>= 4.5)
    BenchmarkDotNet.Annotations (0.13.1)
    CommandLineParser (2.8)
    Dynamitey (2.0.10.189)
      Microsoft.CSharp (>= 4.6)
      System.ComponentModel (>= 4.3)
    Elmish (3.1)
      FSharp.Core (>= 4.6.2)
    Elmish.WPF (4.0.0-beta-42)
      Elmish (>= 3.1 <= 3.99)
      FSharp.Core (>= 4.6.2)
      Microsoft.Extensions.Logging.Abstractions (>= 3.1.6)
    Expecto (9.0.4)
      FSharp.Core (>= 4.6)
      Mono.Cecil (>= 0.11.3)
    Expecto.BenchmarkDotNet (9.0.4)
      BenchmarkDotNet (>= 0.12.1)
      FSharp.Core (>= 4.6)
    Expecto.FsCheck (9.0.4)
      Expecto (>= 9.0.4)
      FsCheck (>= 2.14.3)
    Expecto.Hopac (9.0.4)
      Expecto (>= 9.0.4)
      Hopac (>= 0.4.1)
    FluentAvaloniaUI (1.3)
      Avalonia (>= 0.10.13)
      Avalonia.Desktop (>= 0.10.13)
      Avalonia.Diagnostics (>= 0.10.13)
      MicroCom.CodeGenerator.MSBuild (>= 0.10.4)
      MicroCom.Runtime (>= 0.10.4)
    FsCheck (2.16.4)
      FSharp.Core (>= 4.2.3)
    FSharp.Configuration (2.0)
      FSharp.Core (>= 4.7)
    FSharp.Control.AsyncSeq (3.2.1)
      FSharp.Core (>= 4.7.2)
      Microsoft.Bcl.AsyncInterfaces (>= 5.0)
    FSharp.Control.Reactive (5.0.2)
      FSharp.Core (>= 4.7.2)
      System.Reactive (>= 5.0)
    FSharp.Core (6.0.3)
    FSharp.Interop.Dynamic (5.0.1.268)
      Dynamitey (>= 2.0.10.189)
      FSharp.Core (>= 4.2.3)
      Microsoft.CSharp (>= 4.6)
    FSharpPlus (1.2.2)
      FSharp.Core (>= 4.6.2)
    FsToolkit.ErrorHandling (2.13)
      FSharp.Core (>= 4.7.2)
    FsToolkit.ErrorHandling.TaskResult (2.13)
      FsToolkit.ErrorHandling (>= 2.13)
      Ply (>= 0.3.1)
    HarfBuzzSharp (2.8.2-preview.209)
      HarfBuzzSharp.NativeAssets.macOS (>= 2.8.2-preview.209)
      HarfBuzzSharp.NativeAssets.Win32 (>= 2.8.2-preview.209)
      System.Memory (>= 4.5.3)
    HarfBuzzSharp.NativeAssets.Linux (2.8.2-preview.209)
      HarfBuzzSharp (>= 2.8.2-preview.209)
    HarfBuzzSharp.NativeAssets.macOS (2.8.2-preview.209)
    HarfBuzzSharp.NativeAssets.WebAssembly (2.8.2-preview.209)
    HarfBuzzSharp.NativeAssets.Win32 (2.8.2-preview.209)
    Hopac (0.5.1)
      FSharp.Core (>= 4.5.2)
    Iced (1.17)
    JetBrains.Annotations (2021.3)
    MicroCom.CodeGenerator.MSBuild (0.10.4)
    MicroCom.Runtime (0.10.4)
    Microsoft.Bcl.AsyncInterfaces (6.0)
    Microsoft.CodeAnalysis.Analyzers (3.3.3)
    Microsoft.CodeAnalysis.Common (4.1)
      Microsoft.CodeAnalysis.Analyzers (>= 3.3.3)
      System.Collections.Immutable (>= 5.0)
      System.Memory (>= 4.5.4)
      System.Reflection.Metadata (>= 5.0)
      System.Runtime.CompilerServices.Unsafe (>= 5.0)
      System.Text.Encoding.CodePages (>= 4.5.1)
      System.Threading.Tasks.Extensions (>= 4.5.4)
    Microsoft.CodeAnalysis.CSharp (4.1)
      Microsoft.CodeAnalysis.Common (4.1)
    Microsoft.CodeAnalysis.CSharp.Scripting (4.1)
      Microsoft.CodeAnalysis.Common (4.1)
      Microsoft.CodeAnalysis.CSharp (4.1)
      Microsoft.CodeAnalysis.Scripting.Common (4.1)
      Microsoft.CSharp (>= 4.7)
    Microsoft.CodeAnalysis.Scripting.Common (4.1)
      Microsoft.CodeAnalysis.Common (4.1)
    Microsoft.CodeCoverage (17.1)
    Microsoft.CSharp (4.7)
    Microsoft.Diagnostics.NETCore.Client (0.2.257301)
      Microsoft.Bcl.AsyncInterfaces (>= 1.1)
      Microsoft.Extensions.Logging (>= 2.1.1)
    Microsoft.Diagnostics.Runtime (2.0.226801)
      Microsoft.Diagnostics.NETCore.Client (>= 0.2.221401)
      System.Buffers (>= 4.5.1)
      System.Collections.Immutable (>= 5.0)
      System.Memory (>= 4.5.4)
      System.Reflection.Metadata (>= 5.0)
      System.Runtime.CompilerServices.Unsafe (>= 4.5.3)
    Microsoft.Diagnostics.Tracing.TraceEvent (2.0.76)
      System.Runtime.CompilerServices.Unsafe (>= 4.5.2)
    Microsoft.DotNet.PlatformAbstractions (3.1.6)
    Microsoft.Extensions.DependencyInjection (6.0)
      Microsoft.Extensions.DependencyInjection.Abstractions (>= 6.0)
      System.Runtime.CompilerServices.Unsafe (>= 6.0)
    Microsoft.Extensions.DependencyInjection.Abstractions (6.0)
    Microsoft.Extensions.Logging (6.0)
      Microsoft.Extensions.DependencyInjection (>= 6.0)
      Microsoft.Extensions.DependencyInjection.Abstractions (>= 6.0)
      Microsoft.Extensions.Logging.Abstractions (>= 6.0)
      Microsoft.Extensions.Options (>= 6.0)
      System.Diagnostics.DiagnosticSource (>= 6.0)
    Microsoft.Extensions.Logging.Abstractions (6.0)
    Microsoft.Extensions.Options (6.0)
      Microsoft.Extensions.DependencyInjection.Abstractions (>= 6.0)
      Microsoft.Extensions.Primitives (>= 6.0)
    Microsoft.Extensions.Primitives (6.0)
      System.Runtime.CompilerServices.Unsafe (>= 6.0)
    Microsoft.NET.Test.Sdk (17.1)
      Microsoft.CodeCoverage (>= 17.1)
      Microsoft.TestPlatform.TestHost (>= 17.1)
    Microsoft.NETCore.Platforms (6.0.1)
    Microsoft.NETCore.Targets (5.0)
    Microsoft.TestPlatform.ObjectModel (17.1)
      NuGet.Frameworks (>= 5.11)
      System.Reflection.Metadata (>= 1.6)
    Microsoft.TestPlatform.TestHost (17.1)
      Microsoft.TestPlatform.ObjectModel (>= 17.1)
      Newtonsoft.Json (>= 9.0.1)
    Microsoft.Win32.Registry (5.0)
      System.Security.AccessControl (>= 5.0)
      System.Security.Principal.Windows (>= 5.0)
    Microsoft.Win32.SystemEvents (6.0)
    Microsoft.Xaml.Behaviors.Wpf (1.1.39)
    Mono.Cecil (0.11.4)
    Newtonsoft.Json (13.0.1)
    NuGet.Frameworks (6.1)
    Perfolizer (0.2.1)
      System.Memory (>= 4.5.3)
    Ply (0.3.1)
      FSharp.Core (>= 4.6.2)
      System.Threading.Tasks.Extensions (>= 4.5.4)
    ProcessX (1.5.4)
      System.Threading.Channels (>= 4.7)
    Serilog (2.10)
    Serilog.Extensions.Logging (3.1)
      Microsoft.Extensions.Logging (>= 2.0)
      Serilog (>= 2.9)
    Serilog.Sinks.Console (4.0.1)
      Serilog (>= 2.10)
    SkiaSharp (2.88.0-preview.209)
      SkiaSharp.NativeAssets.macOS (>= 2.88.0-preview.209)
      SkiaSharp.NativeAssets.Win32 (>= 2.88.0-preview.209)
      System.Memory (>= 4.5.3)
    SkiaSharp.NativeAssets.Linux (2.88.0-preview.209)
      SkiaSharp (>= 2.88.0-preview.209)
    SkiaSharp.NativeAssets.macOS (2.88.0-preview.209)
    SkiaSharp.NativeAssets.WebAssembly (2.88.0-preview.209)
    SkiaSharp.NativeAssets.Win32 (2.88.0-preview.209)
    System.Buffers (4.5.1)
    System.CodeDom (6.0)
    System.Collections.Immutable (6.0)
      System.Runtime.CompilerServices.Unsafe (>= 6.0)
    System.ComponentModel (4.3)
      System.Runtime (>= 4.3)
    System.ComponentModel.Annotations (5.0)
    System.Diagnostics.DiagnosticSource (6.0)
      System.Runtime.CompilerServices.Unsafe (>= 6.0)
    System.Drawing.Common (6.0)
      Microsoft.Win32.SystemEvents (>= 6.0)
    System.Management (6.0)
      System.CodeDom (>= 6.0)
    System.Memory (4.5.4)
    System.Numerics.Vectors (4.5)
    System.Reactive (5.0)
    System.Reflection.Emit (4.7)
    System.Reflection.Emit.Lightweight (4.7)
    System.Reflection.Metadata (6.0)
      System.Collections.Immutable (>= 6.0)
    System.Runtime (4.3.1)
      Microsoft.NETCore.Platforms (>= 1.1.1)
      Microsoft.NETCore.Targets (>= 1.1.3)
    System.Runtime.CompilerServices.Unsafe (6.0)
    System.Security.AccessControl (6.0)
    System.Security.Principal.Windows (5.0)
    System.Text.Encoding.CodePages (6.0)
      System.Runtime.CompilerServices.Unsafe (>= 6.0)
    System.Threading.Channels (6.0)
    System.Threading.Tasks.Extensions (4.5.4)
    System.ValueTuple (4.5)
    Tmds.DBus (0.10.1)
      System.Reflection.Emit (>= 4.7)
      System.Security.Principal.Windows (>= 4.7)
    YoloDev.Expecto.TestSdk (0.12.13)
      Expecto (>= 9.0 < 10.0)
      FSharp.Core (>= 4.6)
      System.Collections.Immutable (>= 1.5)
  remote: https://f.feedz.io/videolan/preview/nuget/index.json
    LibVLCSharp (4.0.0-alpha-20220304-5464)
    LibVLCSharp.WPF (4.0.0-alpha-20220304-5464)
      LibVLCSharp (>= 4.0.0-alpha-20220304-5464)
    VideoLAN.LibVLC.Windows (4.0.0-alpha-20220306)
GITHUB
  remote: fsprojects/Avalonia.FuncUI
    FULLPROJECT (0f800b5baa80512cdc1b035a67ee54f569adc2b6)