STORAGE: NONE
RESTRICTION: == net7.0
NUGET
  remote: https://api.nuget.org/v3/index.json
    Avalonia (11.0.5)
      Avalonia.BuildServices (>= 0.0.29)
      Avalonia.Remote.Protocol (>= 11.0.5)
      MicroCom.Runtime (>= 0.11)
      System.ComponentModel.Annotations (>= 4.5)
    Avalonia.Angle.Windows.Natives (2.1.0.2023020321)
    Avalonia.BuildServices (0.0.29)
    Avalonia.Controls.ColorPicker (11.0.5)
      Avalonia (>= 11.0.5)
      Avalonia.Remote.Protocol (>= 11.0.5)
    Avalonia.Controls.DataGrid (11.0.5)
      Avalonia (>= 11.0.5)
      Avalonia.Remote.Protocol (>= 11.0.5)
    Avalonia.Desktop (11.0.5)
      Avalonia (>= 11.0.5)
      Avalonia.Native (>= 11.0.5)
      Avalonia.Skia (>= 11.0.5)
      Avalonia.Win32 (>= 11.0.5)
      Avalonia.X11 (>= 11.0.5)
    Avalonia.Diagnostics (11.0.5)
      Avalonia (>= 11.0.5)
      Avalonia.Controls.ColorPicker (>= 11.0.5)
      Avalonia.Controls.DataGrid (>= 11.0.5)
      Avalonia.Themes.Simple (>= 11.0.5)
      Microsoft.CodeAnalysis.Common (>= 3.8)
      Microsoft.CodeAnalysis.CSharp.Scripting (>= 3.8)
    Avalonia.FreeDesktop (11.0.5)
      Avalonia (>= 11.0.5)
      Tmds.DBus.Protocol (>= 0.15)
    Avalonia.FuncUI (1.1)
      Avalonia (>= 11.0)
      Avalonia.Controls.DataGrid (>= 11.0)
      FSharp.Core (>= 7.0.400)
    Avalonia.FuncUI.Elmish (1.1)
      Avalonia.FuncUI (>= 1.1)
      Elmish (>= 4.0)
      FSharp.Core (>= 7.0.400)
    Avalonia.Native (11.0.5)
      Avalonia (>= 11.0.5)
    Avalonia.Remote.Protocol (11.0.5)
    Avalonia.Skia (11.0.5)
      Avalonia (>= 11.0.5)
      HarfBuzzSharp (>= 2.8.2.3)
      HarfBuzzSharp.NativeAssets.Linux (>= 2.8.2.3)
      HarfBuzzSharp.NativeAssets.WebAssembly (>= 2.8.2.3)
      SkiaSharp (>= 2.88.6)
      SkiaSharp.NativeAssets.Linux (>= 2.88.6)
      SkiaSharp.NativeAssets.WebAssembly (>= 2.88.6)
    Avalonia.Themes.Fluent (11.0.5)
      Avalonia (>= 11.0.5)
    Avalonia.Themes.Simple (11.0.5)
      Avalonia (>= 11.0.5)
    Avalonia.Win32 (11.0.5)
      Avalonia (>= 11.0.5)
      Avalonia.Angle.Windows.Natives (>= 2.1.0.2023020321)
      System.Drawing.Common (>= 6.0)
      System.Numerics.Vectors (>= 4.5)
    Avalonia.X11 (11.0.5)
      Avalonia (>= 11.0.5)
      Avalonia.FreeDesktop (>= 11.0.5)
      Avalonia.Skia (>= 11.0.5)
    BenchmarkDotNet (0.13.10)
      BenchmarkDotNet.Annotations (>= 0.13.10)
      CommandLineParser (>= 2.9.1)
      Gee.External.Capstone (>= 2.3)
      Iced (>= 1.17)
      Microsoft.CodeAnalysis.CSharp (>= 4.1)
      Microsoft.Diagnostics.Runtime (>= 2.2.332302)
      Microsoft.Diagnostics.Tracing.TraceEvent (>= 3.0.2)
      Microsoft.DotNet.PlatformAbstractions (>= 3.1.6)
      Perfolizer (0.2.1)
      System.Management (>= 5.0)
    BenchmarkDotNet.Annotations (0.13.10)
    CommandLineParser (2.9.1)
    Dynamitey (3.0.2)
      Microsoft.CSharp (>= 4.7)
      System.ComponentModel (>= 4.3)
    Elmish (4.1)
    Expecto (10.1)
      FSharp.Core (>= 7.0.200)
      Mono.Cecil (>= 0.11.4 < 1.0)
    Expecto.BenchmarkDotNet (10.1)
      BenchmarkDotNet (>= 0.13.5 < 0.14)
      FSharp.Core (>= 7.0.200)
    Expecto.FsCheck (10.1)
      Expecto (>= 10.1)
      FsCheck (>= 2.16.5 < 3.0)
    Expecto.Hopac (10.1)
      Expecto (>= 10.1)
      Hopac (>= 0.5.1 < 1.0)
    FsCheck (2.16.6)
      FSharp.Core (>= 4.2.3)
    FSharp.Configuration (2.0)
      FSharp.Core (>= 4.7)
    FSharp.Control.AsyncSeq (3.2.1)
      FSharp.Core (>= 4.7.2)
      Microsoft.Bcl.AsyncInterfaces (>= 5.0)
    FSharp.Control.Reactive (5.0.5)
      FSharp.Core (>= 4.7.2)
      System.Reactive (>= 5.0 < 6.0)
    FSharp.Core (7.0.401)
    FSharp.Interop.Dynamic (5.0.1.268)
      Dynamitey (>= 2.0.10.189)
      FSharp.Core (>= 4.2.3)
      Microsoft.CSharp (>= 4.6)
    FSharpPlus (1.5)
      FSharp.Core (>= 6.0.6)
    FsToolkit.ErrorHandling (4.10)
      FSharp.Core (>= 7.0.300)
    FsToolkit.ErrorHandling.TaskResult (4.10)
      FsToolkit.ErrorHandling (>= 4.10)
    Gee.External.Capstone (2.3)
    HarfBuzzSharp (7.3)
      HarfBuzzSharp.NativeAssets.macOS (>= 7.3)
      HarfBuzzSharp.NativeAssets.Win32 (>= 7.3)
    HarfBuzzSharp.NativeAssets.Linux (7.3)
      HarfBuzzSharp (>= 7.3)
    HarfBuzzSharp.NativeAssets.macOS (7.3)
    HarfBuzzSharp.NativeAssets.WebAssembly (7.3)
    HarfBuzzSharp.NativeAssets.Win32 (7.3)
    Hopac (0.5.1)
      FSharp.Core (>= 4.5.2)
    Iced (1.20)
    LibVLCSharp (3.8.1)
    MicroCom.Runtime (0.11)
    Microsoft.Bcl.AsyncInterfaces (7.0)
    Microsoft.CodeAnalysis.Analyzers (3.3.4)
    Microsoft.CodeAnalysis.Common (4.7)
      Microsoft.CodeAnalysis.Analyzers (>= 3.3.4)
      System.Collections.Immutable (>= 7.0)
      System.Reflection.Metadata (>= 7.0)
      System.Runtime.CompilerServices.Unsafe (>= 6.0)
    Microsoft.CodeAnalysis.CSharp (4.7)
      Microsoft.CodeAnalysis.Common (4.7)
    Microsoft.CodeAnalysis.CSharp.Scripting (4.7)
      Microsoft.CodeAnalysis.Common (4.7)
      Microsoft.CodeAnalysis.CSharp (4.7)
      Microsoft.CodeAnalysis.Scripting.Common (4.7)
      Microsoft.CSharp (>= 4.7)
    Microsoft.CodeAnalysis.Scripting.Common (4.7)
      Microsoft.CodeAnalysis.Common (4.7)
    Microsoft.CodeCoverage (17.7.2)
    Microsoft.CSharp (4.7)
    Microsoft.Diagnostics.NETCore.Client (0.2.452401)
      Microsoft.Extensions.Logging (>= 6.0)
    Microsoft.Diagnostics.Runtime (3.0.442202)
      Microsoft.Diagnostics.NETCore.Client (>= 0.2.410101)
      System.Collections.Immutable (>= 6.0)
      System.Runtime.CompilerServices.Unsafe (>= 6.0)
    Microsoft.Diagnostics.Tracing.TraceEvent (3.1.6)
      Microsoft.Win32.Registry (>= 4.4)
      System.Runtime.CompilerServices.Unsafe (>= 5.0)
    Microsoft.DotNet.PlatformAbstractions (3.1.6)
    Microsoft.Extensions.DependencyInjection (7.0)
      Microsoft.Extensions.DependencyInjection.Abstractions (>= 7.0)
    Microsoft.Extensions.DependencyInjection.Abstractions (7.0)
    Microsoft.Extensions.Logging (7.0)
      Microsoft.Extensions.DependencyInjection (>= 7.0)
      Microsoft.Extensions.DependencyInjection.Abstractions (>= 7.0)
      Microsoft.Extensions.Logging.Abstractions (>= 7.0)
      Microsoft.Extensions.Options (>= 7.0)
    Microsoft.Extensions.Logging.Abstractions (7.0.1)
    Microsoft.Extensions.Options (7.0.1)
      Microsoft.Extensions.DependencyInjection.Abstractions (>= 7.0)
      Microsoft.Extensions.Primitives (>= 7.0)
    Microsoft.Extensions.Primitives (7.0)
    Microsoft.NET.Test.Sdk (17.7.2)
      Microsoft.CodeCoverage (>= 17.7.2)
      Microsoft.TestPlatform.TestHost (>= 17.7.2)
    Microsoft.NETCore.Platforms (7.0.4)
    Microsoft.NETCore.Targets (5.0)
    Microsoft.TestPlatform.ObjectModel (17.7.2)
      NuGet.Frameworks (>= 6.5)
      System.Reflection.Metadata (>= 1.6)
    Microsoft.TestPlatform.TestHost (17.7.2)
      Microsoft.TestPlatform.ObjectModel (>= 17.7.2)
      Newtonsoft.Json (>= 13.0.1)
    Microsoft.Win32.Registry (5.0)
      System.Security.AccessControl (>= 5.0)
      System.Security.Principal.Windows (>= 5.0)
    Microsoft.Win32.SystemEvents (7.0)
    Microsoft.Xaml.Behaviors.Wpf (1.1.77)
    Mono.Cecil (0.11.5)
    Newtonsoft.Json (13.0.3)
    NuGet.Frameworks (6.7)
    Perfolizer (0.2.1)
      System.Memory (>= 4.5.3)
    ProcessX (1.5.5)
      System.Threading.Channels (>= 4.7)
    Serilog (3.0.1)
    Serilog.Extensions.Logging (7.0)
      Microsoft.Extensions.Logging (>= 7.0)
      Serilog (>= 2.12)
    Serilog.Sinks.Console (4.1)
      Serilog (>= 2.10)
    SkiaSharp (2.88.6)
      SkiaSharp.NativeAssets.macOS (>= 2.88.6)
      SkiaSharp.NativeAssets.Win32 (>= 2.88.6)
    SkiaSharp.NativeAssets.Linux (2.88.6)
      SkiaSharp (>= 2.88.6)
    SkiaSharp.NativeAssets.macOS (2.88.6)
    SkiaSharp.NativeAssets.WebAssembly (2.88.6)
    SkiaSharp.NativeAssets.Win32 (2.88.6)
    System.CodeDom (7.0)
    System.Collections.Immutable (7.0)
    System.ComponentModel (4.3)
      System.Runtime (>= 4.3)
    System.ComponentModel.Annotations (4.5)
    System.Drawing.Common (7.0)
      Microsoft.Win32.SystemEvents (>= 7.0)
    System.IO.Pipelines (7.0)
    System.Management (7.0.2)
      System.CodeDom (>= 7.0)
    System.Memory (4.5.5)
    System.Numerics.Vectors (4.5)
    System.Reactive (5.0)
    System.Reflection.Metadata (7.0.2)
      System.Collections.Immutable (>= 7.0)
    System.Runtime (4.3.1)
      Microsoft.NETCore.Platforms (>= 1.1.1)
      Microsoft.NETCore.Targets (>= 1.1.3)
    System.Runtime.CompilerServices.Unsafe (6.0)
    System.Security.AccessControl (6.0)
    System.Security.Principal.Windows (5.0)
    System.Threading.Channels (7.0)
    Tmds.DBus.Protocol (0.15)
      System.IO.Pipelines (>= 6.0)
    VideoLAN.LibVLC.Windows (3.0.20)
    YoloDev.Expecto.TestSdk (0.14.2)
      Expecto (>= 10.0 < 11.0)
      FSharp.Core (>= 7.0.200)
      System.Collections.Immutable (>= 6.0)
